GEM
  remote: https://rubygems.org/
  specs:
    activesupport (7.0.4.2)
      concurrent-ruby (~> 1.0, >= 1.0.2)
      i18n (>= 1.6, < 2)
      minitest (>= 5.1)
      tzinfo (~> 2.0)
    concurrent-ruby (1.2.2)
    dalli (3.2.4)
    faraday (0.17.6)
      multipart-post (>= 1.2, < 3)
    faraday_middleware (0.14.0)
      faraday (>= 0.7.4, < 1.0)
    gemstash (2.2.2)
      activesupport (>= 4.2, < 8)
      dalli (>= 3.2.3, < 4)
      faraday (~> 0.9)
      faraday_middleware (~> 0.10)
      lru_redux (~> 1.1)
      psych (>= 3.2.1)
      puma (~> 4.0)
      sequel (~> 5.0)
      server_health_check-rack (~> 0.1)
      sinatra (>= 1.4, < 3.0)
      sqlite3 (~> 1.3)
      thor (~> 0.20)
    i18n (1.12.0)
      concurrent-ruby (~> 1.0)
    lru_redux (1.1.0)
    mini_portile2 (2.8.1)
    minitest (5.17.0)
    multipart-post (2.3.0)
    mustermann (2.0.2)
      ruby2_keywords (~> 0.0.1)
    nio4r (2.5.8)
    psych (5.1.0)
      stringio
    puma (4.3.12)
      nio4r (~> 2.0)
    rack (2.2.6.3)
    rack-protection (2.2.4)
      rack
    ruby2_keywords (0.0.5)
    sequel (5.66.0)
    server_health_check (1.0.2)
    server_health_check-rack (0.1.0)
      server_health_check (~> 1.0, >= 1.0.1)
    sinatra (2.2.4)
      mustermann (~> 2.0)
      rack (~> 2.2)
      rack-protection (= 2.2.4)
      tilt (~> 2.0)
    sqlite3 (1.6.1)
      mini_portile2 (~> 2.8.0)
    stringio (3.0.5)
    thor (0.20.3)
    tilt (2.1.0)
    tzinfo (2.0.6)
      concurrent-ruby (~> 1.0)

PLATFORMS
  ruby

DEPENDENCIES
  gemstash (>= 2.2.2)

BUNDLED WITH
   2.1.4
